GEM
  remote: https://rubygems.org/
  specs:
    colorize (0.8.1)
    git (1.5.0)
    git_diff_parser (2.3.0)
    thor (0.20.3)
    yard (0.9.16)

PLATFORMS
  x64-mingw32
  x86-mingw32

DEPENDENCIES
  bundler (~> 1.13)
  colorize (~> 0.0)
  git (~> 1.3)
  git_diff_parser (~> 2.3)
  thor (~> 0.19)
  yard (~> 0.9.11)

BUNDLED WITH
   1.16.2
