GEM
  remote: https://rubygems.org/
  specs:
    colorize (0.8.1)
    git (1.3.0)
    git_diff_parser (2.3.0)
    thor (0.20.0)
    yard (0.9.8)

PLATFORMS
  x86-mingw32

DEPENDENCIES
  bundler (~> 1.13)
  colorize (~> 0.0)
  git (~> 1.3)
  git_diff_parser (~> 2.3)
  thor (~> 0.19)
  yard (= 0.9.8)

BUNDLED WITH
   1.16.1
